GEM
  remote: https://rubygems.org/
  specs:
    addressable (2.3.2)
    chunky_png (1.2.7)
    coderay (1.0.8)
    compass (0.12.2)
      chunky_png (~> 1.2)
      fssm (>= 0.2.7)
      sass (~> 3.1)
    em-websocket (0.3.8)
      addressable (>= 2.1.1)
      eventmachine (>= 0.12.9)
    eventmachine (1.0.0)
    fancy-buttons (1.2.0)
      compass (>= 0.11)
    fssm (0.2.9)
    guard (1.6.0)
      listen (>= 0.6.0)
      lumberjack (>= 1.0.2)
      pry (>= 0.9.10)
      thor (>= 0.14.6)
    guard-compass (0.0.6)
      compass (>= 0.10.5)
      guard (>= 0.2.1)
    guard-livereload (1.1.3)
      em-websocket (>= 0.2.0)
      guard (>= 1.5.0)
      multi_json (~> 1.0)
    listen (0.6.0)
    lumberjack (1.0.2)
    method_source (0.8.1)
    multi_json (1.5.0)
    pry (0.9.10)
      coderay (~> 1.0.5)
      method_source (~> 0.8)
      slop (~> 3.3.1)
    rack (1.1.0)
    rack-try_static (0.1.1)
      rack (= 1.1.0)
    sass (3.2.5)
    shotgun (0.9)
      rack (>= 1.0)
    sinatra (1.2.8)
      rack (~> 1.1)
      tilt (>= 1.2.2, < 2.0)
    slop (3.3.3)
    susy (1.0.5)
      compass (>= 0.12.2)
      sass (>= 3.2.0)
    thor (0.16.0)
    tilt (1.3.3)

PLATFORMS
  ruby

DEPENDENCIES
  compass (= 0.12.2)
  fancy-buttons
  guard
  guard-compass
  guard-livereload
  rack
  rack-try_static
  shotgun
  sinatra
  susy (= 1.0.5)
